GEM
  remote: https://rubygems.org/
  specs:
    activesupport (4.2.8)
      i18n (~> 0.7)
      minitest (~> 5.1)
      thread_safe (~> 0.3, >= 0.3.4)
      tzinfo (~> 1.1)
    dotenv (2.2.0)
    everything-core (0.0.8)
      dotenv (~> 2.1)
      fastenv (= 0.0.2)
    fastenv (0.0.2)
    i18n (0.8.1)
    minitest (5.10.1)
    thor (0.19.4)
    thread_safe (0.3.6)
    tzinfo (1.2.3)
      thread_safe (~> 0.1)

PLATFORMS
  ruby

DEPENDENCIES
  activesupport (~> 4.2.1)
  everything-core (~> 0.0.8)
  thor

BUNDLED WITH
   1.11.2
